STORAGE: PACKAGES
RESTRICTION: || (== net462) (== netstandard2.0)
NUGET
  remote: https://api.nuget.org/v3/index.json
    FSharp.Control.AsyncSeq (2.0.21)
      FSharp.Core (>= 3.1.2) - restriction: || (== net462) (&& (== netstandard2.0) (>= net45))
      FSharp.Core (>= 4.3.2) - restriction: || (&& (== net462) (< net45) (>= netstandard2.0)) (== netstandard2.0)
    FSharp.Core (4.6.2)
    Microsoft.NETCore.Platforms (2.2) - restriction: || (== net462) (&& (== netstandard2.0) (>= net461))
    NETStandard.Library (2.0.3) - restriction: || (== net462) (&& (== netstandard2.0) (>= net461))
      Microsoft.NETCore.Platforms (>= 1.1)
    NETStandard.Library.NETFramework (2.0.0-preview2-25405-01)
      Microsoft.NETCore.Platforms (>= 2.0.0-preview2-25405-01) - restriction: || (== net462) (&& (== netstandard2.0) (>= net461))
      NETStandard.Library (>= 2.0.0-preview2-25401-01) - restriction: || (== net462) (&& (== netstandard2.0) (>= net461))
    Newtonsoft.Json (12.0.1)
GITHUB
  remote: fsprojects/FSharp.TypeProviders.SDK
    src/ProvidedTypes.fs (592d23a96db79b4248ed23a062db3a17433282ce)
    src/ProvidedTypes.fsi (592d23a96db79b4248ed23a062db3a17433282ce)
    src/ProvidedTypesTesting.fs (592d23a96db79b4248ed23a062db3a17433282ce)
GROUP Test

